GEM
  remote: https://rubygems.org/
  specs:
    childprocess (4.1.0)
    rexml (3.2.5)
    rubyzip (2.0.0)
    selenium-webdriver (4.1.0)
      childprocess (>= 0.5, < 5.0)
      rexml (~> 3.2, >= 3.2.5)
      rubyzip (>= 1.2.2)

PLATFORMS
  ruby

DEPENDENCIES
  selenium-webdriver

BUNDLED WITH
   1.17.3
